PATH
  remote: .
  specs:
    vestal_versions (1.2.2)
      activerecord (>= 3.0.0)
      activesupport (>= 3.0.0)

GEM
  remote: http://rubygems.org/
  specs:
    activemodel (3.2.1)
      activesupport (= 3.2.1)
      builder (~> 3.0.0)
    activerecord (3.2.1)
      activemodel (= 3.2.1)
      activesupport (= 3.2.1)
      arel (~> 3.0.0)
      tzinfo (~> 0.3.29)
    activesupport (3.2.1)
      i18n (~> 0.6)
      multi_json (~> 1.0)
    arel (3.0.1)
    builder (3.0.0)
    diff-lcs (1.1.3)
    i18n (0.6.0)
    multi_json (1.0.4)
    rcov (1.0.0)
    rspec (2.8.0)
      rspec-core (~> 2.8.0)
      rspec-expectations (~> 2.8.0)
      rspec-mocks (~> 2.8.0)
    rspec-core (2.8.0)
    rspec-expectations (2.8.0)
      diff-lcs (~> 1.1.2)
    rspec-mocks (2.8.0)
    simplecov (0.5.4)
      multi_json (~> 1.0.3)
      simplecov-html (~> 0.5.3)
    simplecov-html (0.5.3)
    sqlite3 (1.3.5)
    sqlite3-ruby (1.3.3)
      sqlite3 (>= 1.3.3)
    tzinfo (0.3.31)

PLATFORMS
  ruby

DEPENDENCIES
  rcov
  rspec (~> 2.8)
  simplecov
  sqlite3-ruby
  vestal_versions!
